GEM
  remote: https://rubygems.org/
  specs:
    coderay (1.1.3)
    method_source (1.0.0)
    nokogiri (1.11.1-x86_64-darwin)
      racc (~> 1.4)
    open-uri (0.1.0)
    pry (0.13.1)
      coderay (~> 1.1)
      method_source (~> 1.0)
    racc (1.5.2)

PLATFORMS
  x86_64-darwin-19

DEPENDENCIES
  nokogiri
  open-uri
  pry

BUNDLED WITH
   2.2.4
